GEM
  remote: https://rubygems.org/
  specs:
    daemons (1.2.6)
    dotenv (2.5.0)
    eventmachine (1.2.7)
    rack (2.0.5)
    thin (1.7.2)
      daemons (~> 1.0, >= 1.0.9)
      eventmachine (~> 1.0, >= 1.0.4)
      rack (>= 1, < 3)

PLATFORMS
  ruby

DEPENDENCIES
  dotenv (~> 2.5)
  thin (~> 1.7)

BUNDLED WITH
   1.16.2
